PATH
  remote: .
  specs:
    delta_changes (0.0.0)

GEM
  remote: http://rubygems.org/
  specs:
    activerecord (2.3.14)
      activesupport (= 2.3.14)
    activesupport (2.3.14)
    diff-lcs (1.1.3)
    rake (0.9.2)
    rspec (2.6.0)
      rspec-core (~> 2.6.0)
      rspec-expectations (~> 2.6.0)
      rspec-mocks (~> 2.6.0)
    rspec-core (2.6.4)
    rspec-expectations (2.6.0)
      diff-lcs (~> 1.1.2)
    rspec-mocks (2.6.0)
    sqlite3 (1.3.6)

PLATFORMS
  ruby

DEPENDENCIES
  activerecord (= 2.3.14)
  delta_changes!
  rake
  rspec (~> 2)
  sqlite3
